GIT
  remote: git://github.com/refinery/refinerycms.git
  revision: 7b39643e4694eb92968e4205e5fafb5b6a159f49
  branch: 2-1-stable
  specs:
    refinerycms-core (2.1.3)
      actionpack (>= 3.1.11, < 3.3, != 3.2.9, != 3.2.8, != 3.2.7, != 3.2.6, != 3.2.5, != 3.2.4, != 3.2.3, != 3.2.2, != 3.2.11, != 3.2.10, != 3.2.1, != 3.2.0)
      activerecord (>= 3.1.11, < 3.3, != 3.2.9, != 3.2.8, != 3.2.7, != 3.2.6, != 3.2.5, != 3.2.4, != 3.2.3, != 3.2.2, != 3.2.11, != 3.2.10, != 3.2.1, != 3.2.0)
      awesome_nested_set (~> 2.1.3)
      decorators (~> 1.0.0)
      jquery-rails (~> 2.3.0)
      railties (>= 3.1.11, < 3.3, != 3.2.9, != 3.2.8, != 3.2.7, != 3.2.6, != 3.2.5, != 3.2.4, != 3.2.3, != 3.2.2, != 3.2.11, != 3.2.10, != 3.2.1, != 3.2.0)
      refinerycms-i18n (~> 2.1.0)
      sass-rails (~> 3.2.3)
      truncate_html (~> 0.9)
      will_paginate (~> 3.0.2)
    refinerycms-dashboard (2.1.3)
      refinerycms-core (= 2.1.3)
    refinerycms-images (2.1.3)
      dragonfly (~> 0.9.14)
      refinerycms-core (= 2.1.3)
    refinerycms-pages (2.1.3)
      awesome_nested_set (~> 2.1.3)
      babosa (!= 0.3.6)
      friendly_id (~> 4.0.9)
      globalize (~> 3.1.0)
      refinerycms-core (= 2.1.3)
      seo_meta (~> 1.4.0)
    refinerycms-resources (2.1.3)
      acts_as_indexed (~> 0.8.0)
      dragonfly (~> 0.9.12)
      refinerycms-core (= 2.1.3)

GIT
  remote: https://github.com/jfalameda/refinerycms-dynamicfields.git
  revision: 8b1de275ab21bfb6c5b5ea78c408e3072642607b
  specs:
    refinerycms-dynamicfields (1.0)
      nested_form
      refinerycms-core (>= 2.0.10)
      sass-rails

PATH
  remote: vendor/extensions
  specs:
    refinerycms-addresses (1.0)
      refinerycms-core (~> 2.1.3)
    refinerycms-companies (1.0)
      refinerycms-core (~> 2.1.3)
    refinerycms-home_photos (1.0)
      refinerycms-core (~> 2.1.3)
    refinerycms-personal_infos (1.0)
      refinerycms-core (~> 2.1.3)

GEM
  remote: https://rubygems.org/
  specs:
    actionmailer (3.2.19)
      actionpack (= 3.2.19)
      mail (~> 2.5.4)
    actionpack (3.2.19)
      activemodel (= 3.2.19)
      activesupport (= 3.2.19)
      builder (~> 3.0.0)
      erubis (~> 2.7.0)
      journey (~> 1.0.4)
      rack (~> 1.4.5)
      rack-cache (~> 1.2)
      rack-test (~> 0.6.1)
      sprockets (~> 2.2.1)
    activemodel (3.2.19)
      activesupport (= 3.2.19)
      builder (~> 3.0.0)
    activerecord (3.2.19)
      activemodel (= 3.2.19)
      activesupport (= 3.2.19)
      arel (~> 3.0.2)
      tzinfo (~> 0.3.29)
    activeresource (3.2.19)
      activemodel (= 3.2.19)
      activesupport (= 3.2.19)
    activesupport (3.2.19)
      i18n (~> 0.6, >= 0.6.4)
      multi_json (~> 1.0)
    acts_as_indexed (0.8.3)
    arel (3.0.3)
    autoprefixer-rails (3.0.1.20140826)
      execjs
    awesome_nested_set (2.1.6)
      activerecord (>= 3.0.0)
    awesome_print (1.2.0)
    axlsx (2.0.1)
      htmlentities (~> 4.3.1)
      nokogiri (>= 1.4.1)
      rubyzip (~> 1.0.0)
    axlsx_rails (0.3.0)
      axlsx (>= 2.0.1)
      rails (>= 3.1)
    babosa (0.3.11)
    bcrypt (3.1.7)
    better_errors (2.0.0)
      coderay (>= 1.0.0)
      erubis (>= 2.6.6)
      rack (>= 0.9.0)
    binding_of_caller (0.7.2)
      debug_inspector (>= 0.0.1)
    bootstrap-sass (3.2.0.2)
      sass (~> 3.2)
    builder (3.0.4)
    coderay (1.1.0)
    coffee-rails (3.2.2)
      coffee-script (>= 2.2.0)
      railties (~> 3.2.0)
    coffee-script (2.3.0)
      coffee-script-source
      execjs
    coffee-script-source (1.8.0)
    debug_inspector (0.0.2)
    decorators (1.0.3)
      railties (>= 3.0.19, != 3.2.9, != 3.2.8, != 3.2.7, != 3.2.6, != 3.2.5, != 3.2.4, != 3.2.3, != 3.2.2, != 3.2.10, != 3.2.1, != 3.2.0, != 3.1.9, != 3.1.8, != 3.1.7, != 3.1.6, != 3.1.5, != 3.1.4, != 3.1.3, != 3.1.2, != 3.1.1, != 3.1.0)
    devise (3.3.0)
      bcrypt (~> 3.0)
      orm_adapter (~> 0.1)
      railties (>= 3.2.6, < 5)
      thread_safe (~> 0.1)
      warden (~> 1.2.3)
    dragonfly (0.9.15)
      multi_json (~> 1.0)
      rack
    erubis (2.7.0)
    excon (0.39.5)
    execjs (2.2.1)
    fog (1.23.0)
      fog-brightbox
      fog-core (~> 1.23)
      fog-json
      fog-softlayer
      ipaddress (~> 0.5)
      nokogiri (~> 1.5, >= 1.5.11)
    fog-brightbox (0.5.0)
      fog-core (~> 1.22)
      fog-json
      inflecto
    fog-core (1.24.0)
      builder
      excon (~> 0.38)
      formatador (~> 0.2)
      mime-types
      net-scp (~> 1.1)
      net-ssh (>= 2.1.3)
    fog-json (1.0.0)
      multi_json (~> 1.0)
    fog-softlayer (0.3.17)
      fog-core
      fog-json
    formatador (0.2.5)
    friendly_id (4.0.10.1)
      activerecord (>= 3.0, < 4.0)
    globalize (3.1.0)
      activemodel (>= 3.1.0, < 4.0.0)
      activerecord (>= 3.1.0, < 4.0.0)
    haml (4.0.5)
      tilt
    haml-rails (0.4)
      actionpack (>= 3.1, < 4.1)
      activesupport (>= 3.1, < 4.1)
      haml (>= 3.1, < 4.1)
      railties (>= 3.1, < 4.1)
    hike (1.2.3)
    htmlentities (4.3.3)
    i18n (0.6.11)
    inflecto (0.0.2)
    ipaddress (0.8.0)
    journey (1.0.4)
    jquery-rails (2.3.0)
      railties (>= 3.0, < 5.0)
      thor (>= 0.14, < 2.0)
    json (1.8.1)
    kgio (2.9.2)
    libv8 (3.11.8.17)
    mail (2.5.4)
      mime-types (~> 1.16)
      treetop (~> 1.4.8)
    mime-types (1.25.1)
    mini_portile (0.6.0)
    multi_json (1.10.1)
    mysql2 (0.3.16)
    nested_form (0.3.2)
    net-scp (1.2.1)
      net-ssh (>= 2.6.5)
    net-ssh (2.9.1)
    nokogiri (1.6.3.1)
      mini_portile (= 0.6.0)
    orm_adapter (0.5.0)
    owlcarousel-rails (1.1.3.3)
      jquery-rails
    polyglot (0.3.5)
    rack (1.4.5)
    rack-cache (1.2)
      rack (>= 0.4)
    rack-ssl (1.3.4)
      rack
    rack-test (0.6.2)
      rack (>= 1.0)
    rails (3.2.19)
      actionmailer (= 3.2.19)
      actionpack (= 3.2.19)
      activerecord (= 3.2.19)
      activeresource (= 3.2.19)
      activesupport (= 3.2.19)
      bundler (~> 1.0)
      railties (= 3.2.19)
    rails-i18n (0.7.4)
      i18n (~> 0.5)
    railties (3.2.19)
      actionpack (= 3.2.19)
      activesupport (= 3.2.19)
      rack-ssl (~> 1.3.2)
      rake (>= 0.8.7)
      rdoc (~> 3.4)
      thor (>= 0.14.6, < 2.0)
    raindrops (0.13.0)
    rake (10.3.2)
    rdoc (3.12.2)
      json (~> 1.4)
    ref (1.0.5)
    refinerycms-i18n (2.1.0)
      rails-i18n (~> 0.7.3)
      routing-filter (~> 0.3.0)
    refinerycms-news (2.1.2)
      friendly_id (~> 4.0.9)
      refinerycms-core (~> 2.1.1)
      refinerycms-settings (~> 2.1.0)
    refinerycms-page-images (2.1.1)
      refinerycms-pages (~> 2.1.0)
    refinerycms-settings (2.1.1)
      refinerycms-core (~> 2.1.1)
    routing-filter (0.3.1)
      actionpack
    ruby-ole (1.2.11.8)
    rubyzip (1.0.0)
    sass (3.2.19)
    sass-rails (3.2.6)
      railties (~> 3.2.0)
      sass (>= 3.1.10)
      tilt (~> 1.3)
    seo_meta (1.4.0)
      railties (>= 3.0.0)
    spreadsheet (1.0.1)
      ruby-ole (>= 1.0)
    sprockets (2.2.2)
      hike (~> 1.2)
      multi_json (~> 1.0)
      rack (~> 1.0)
      tilt (~> 1.1, != 1.3.0)
    sqlite3 (1.3.9)
    therubyracer (0.11.3)
      libv8 (~> 3.11.8.12)
      ref
    thor (0.19.1)
    thread_safe (0.3.4)
    tilt (1.4.1)
    to_xls-rails (1.3.1)
      spreadsheet (>= 0.8.5)
    treetop (1.4.15)
      polyglot
      polyglot (>= 0.3.1)
    truncate_html (0.9.2)
    tzinfo (0.3.41)
    uglifier (2.5.3)
      execjs (>= 0.3.0)
      json (>= 1.8.0)
    unicorn (4.8.3)
      kgio (~> 2.6)
      rack
      raindrops (~> 0.7)
    warden (1.2.3)
      rack (>= 1.0)
    will_paginate (3.0.7)

PLATFORMS
  ruby

DEPENDENCIES
  autoprefixer-rails
  awesome_print
  axlsx (~> 2.0)
  axlsx_rails
  better_errors
  binding_of_caller
  bootstrap-sass (~> 3.2.0)
  coffee-rails (~> 3.2.1)
  devise
  fog
  haml-rails
  mysql2
  owlcarousel-rails
  rails (~> 3.2)
  refinerycms-addresses!
  refinerycms-companies!
  refinerycms-dashboard!
  refinerycms-dynamicfields!
  refinerycms-home_photos!
  refinerycms-images!
  refinerycms-news (~> 2.1.0)
  refinerycms-page-images
  refinerycms-pages!
  refinerycms-personal_infos!
  refinerycms-resources!
  sass-rails
  sqlite3
  therubyracer (= 0.11.3)
  to_xls-rails
  truncate_html
  uglifier (>= 1.0.3)
  unicorn
